GEM
  remote: https://rubygems.org/
  remote: https://rails-assets.org/
  specs:
    actionmailer (4.1.10)
      actionpack (= 4.1.10)
      actionview (= 4.1.10)
      mail (~> 2.5, >= 2.5.4)
    actionpack (4.1.10)
      actionview (= 4.1.10)
      activesupport (= 4.1.10)
      rack (~> 1.5.2)
      rack-test (~> 0.6.2)
    actionview (4.1.10)
      activesupport (= 4.1.10)
      builder (~> 3.1)
      erubis (~> 2.7.0)
    activemodel (4.1.10)
      activesupport (= 4.1.10)
      builder (~> 3.1)
    activerecord (4.1.10)
      activemodel (= 4.1.10)
      activesupport (= 4.1.10)
      arel (~> 5.0.0)
    activerecord-postgis-adapter (2.2.2)
      activerecord (>= 4.0.0, < 4.2.0)
      rgeo-activerecord (~> 1.2)
    activesupport (4.1.10)
      i18n (~> 0.6, >= 0.6.9)
      json (~> 1.7, >= 1.7.7)
      minitest (~> 5.1)
      thread_safe (~> 0.1)
      tzinfo (~> 1.1)
    arel (5.0.1.20140414130214)
    autoprefixer-rails (5.1.11)
      execjs
      json
    binding_of_caller (0.7.2)
      debug_inspector (>= 0.0.1)
    bootstrap-sass (3.3.4.1)
      autoprefixer-rails (>= 5.0.0.1)
      sass (>= 3.2.19)
    builder (3.2.2)
    byebug (4.0.5)
      columnize (= 0.9.0)
    columnize (0.9.0)
    daemons (1.2.2)
    dbf (2.0.9)
      fastercsv (~> 1.5)
    debug_inspector (0.0.2)
    erubis (2.7.0)
    eventmachine (1.0.7)
    execjs (2.5.2)
    fastercsv (1.5.5)
    georuby (2.5.2)
    heroku-deflater (0.5.3)
      rack (>= 1.4.5)
    i18n (0.7.0)
    jbuilder (2.2.13)
      activesupport (>= 3.0.0, < 5)
      multi_json (~> 1.2)
    jquery-rails (3.1.2)
      railties (>= 3.0, < 5.0)
      thor (>= 0.14, < 2.0)
    js-routes (1.0.1)
      railties (>= 3.2)
      sprockets-rails
    json (1.8.2)
    mail (2.6.3)
      mime-types (>= 1.16, < 3)
    mime-types (2.5)
    minitest (5.6.1)
    multi_json (1.11.0)
    pg (0.18.1)
    powder (0.3.0)
      thor (>= 0.11.5)
    puma (2.11.2)
      rack (>= 1.1, < 2.0)
    rack (1.5.3)
    rack-test (0.6.3)
      rack (>= 1.0)
    rails (4.1.10)
      actionmailer (= 4.1.10)
      actionpack (= 4.1.10)
      actionview (= 4.1.10)
      activemodel (= 4.1.10)
      activerecord (= 4.1.10)
      activesupport (= 4.1.10)
      bundler (>= 1.3.0, < 2.0)
      railties (= 4.1.10)
      sprockets-rails (~> 2.0)
    rails-assets-angular (1.3.15)
    rails-assets-angular-animate (1.3.15)
      rails-assets-angular (= 1.3.15)
    rails-assets-angular-aria (1.3.15)
      rails-assets-angular (= 1.3.15)
    rails-assets-angular-bootstrap (0.13.0)
      rails-assets-angular (>= 1.3.0)
    rails-assets-angular-deckgrid (0.5.0)
      rails-assets-angular (~> 1.3.0)
    rails-assets-angular-leaflet-directive (0.7.15)
      rails-assets-angular (~> 1.3.0)
      rails-assets-font-awesome (~> 4.3.0)
      rails-assets-leaflet (~> 0.7.0)
    rails-assets-angular-local-storage (0.1.5)
    rails-assets-angular-material (0.9.0.rc1)
      rails-assets-angular
      rails-assets-angular-animate
      rails-assets-angular-aria
    rails-assets-angular-messages (1.3.15)
      rails-assets-angular (= 1.3.15)
    rails-assets-angular-mocks (1.3.15)
      rails-assets-angular (= 1.3.15)
    rails-assets-angular-moment (0.10.1)
      rails-assets-angular (>= 1.2.0, < 1.5.0)
      rails-assets-moment (>= 2.8.0, < 2.11.0)
    rails-assets-angular-sanitize (1.3.15)
      rails-assets-angular (= 1.3.15)
    rails-assets-angular-validator (0.2.6)
      rails-assets-angular (>= 1.2.18)
      rails-assets-angular-mocks (>= 1.2.18)
    rails-assets-font-awesome (4.3.0)
    rails-assets-leaflet (0.7.3)
    rails-assets-moment (2.10.2)
    rails-assets-ngUpload (0.5.17)
      rails-assets-angular (>= 1.0.4)
    rails-assets-ngmap (1.7.9)
    rails_12factor (0.0.3)
      rails_serve_static_assets
      rails_stdout_logging
    rails_serve_static_assets (0.0.4)
    rails_stdout_logging (0.0.3)
    railties (4.1.10)
      actionpack (= 4.1.10)
      activesupport (= 4.1.10)
      rake (>= 0.8.7)
      thor (>= 0.18.1, < 2.0)
    rake (10.4.2)
    rdoc (4.2.0)
      json (~> 1.4)
    rgeo (0.3.20)
    rgeo-activerecord (1.2.0)
      activerecord (~> 4.0)
      rgeo (~> 0.3)
    rgeo-geojson (0.3.1)
      rgeo (~> 0.3)
    rgeo-shapefile (0.2.3)
      dbf (>= 1.7.0)
      rgeo (>= 0.3.3)
    sass (3.4.13)
    sass-rails (5.0.3)
      railties (>= 4.0.0, < 5.0)
      sass (~> 3.1)
      sprockets (>= 2.8, < 4.0)
      sprockets-rails (>= 2.0, < 4.0)
      tilt (~> 1.1)
    sdoc (0.4.1)
      json (~> 1.7, >= 1.7.7)
      rdoc (~> 4.0)
    spring (1.3.6)
    sprockets (3.0.3)
      rack (~> 1.0)
    sprockets-rails (2.3.0)
      actionpack (>= 3.0)
      activesupport (>= 3.0)
      sprockets (>= 2.8, < 4.0)
    thin (1.6.3)
      daemons (~> 1.0, >= 1.0.9)
      eventmachine (~> 1.0)
      rack (~> 1.0)
    thor (0.19.1)
    thread_safe (0.3.5)
    tilt (1.4.1)
    tzinfo (1.2.2)
      thread_safe (~> 0.1)
    uglifier (2.7.1)
      execjs (>= 0.3.0)
      json (>= 1.8.0)
    web-console (2.1.2)
      activemodel (>= 4.0)
      binding_of_caller (>= 0.7.2)
      railties (>= 4.0)
      sprockets-rails (>= 2.0, < 4.0)
    will_paginate (3.0.7)

PLATFORMS
  ruby

DEPENDENCIES
  activerecord-postgis-adapter
  bootstrap-sass
  byebug
  georuby
  heroku-deflater
  jbuilder (~> 2.0)
  jquery-rails
  js-routes
  pg
  powder
  puma
  rails (= 4.1.10)
  rails-assets-angular (= 1.3.15)
  rails-assets-angular-animate
  rails-assets-angular-aria
  rails-assets-angular-bootstrap
  rails-assets-angular-deckgrid
  rails-assets-angular-leaflet-directive
  rails-assets-angular-local-storage
  rails-assets-angular-material (= 0.9.0.rc1)
  rails-assets-angular-messages
  rails-assets-angular-moment
  rails-assets-angular-sanitize
  rails-assets-angular-validator
  rails-assets-ngUpload
  rails-assets-ngmap
  rails_12factor
  rgeo-geojson
  rgeo-shapefile
  sass-rails (~> 5.0)
  sdoc (~> 0.4.0)
  spring
  thin
  uglifier (>= 1.3.0)
  web-console (~> 2.0)
  will_paginate (~> 3.0.6)
